PATH
  remote: .
  specs:
    rack-esi (0.2.0)
      nokogiri
      rack

GEM
  remote: http://rubygems.org/
  specs:
    mini_portile (0.5.2)
    nokogiri (1.6.1)
      mini_portile (~> 0.5.0)
    rack (1.5.2)
    riot (0.12.7)
      rr
    rr (1.1.2)

PLATFORMS
  ruby

DEPENDENCIES
  rack-esi!
  riot
